GEM
  remote: https://rubygems.org/
  specs:
    diff-lcs (1.2.5)
    figaro (1.1.1)
      thor (~> 0.14)
    json (2.1.0)
    minitest (5.3.5)
    rspec (3.6.0)
      rspec-core (~> 3.6.0)
      rspec-expectations (~> 3.6.0)
      rspec-mocks (~> 3.6.0)
    rspec-core (3.6.0)
      rspec-support (~> 3.6.0)
    rspec-expectations (3.6.0)
      diff-lcs (>= 1.2.0, < 2.0)
      rspec-support (~> 3.6.0)
    rspec-mocks (3.6.0)
      diff-lcs (>= 1.2.0, < 2.0)
      rspec-support (~> 3.6.0)
    rspec-support (3.6.0)
    thor (0.19.1)

PLATFORMS
  ruby

DEPENDENCIES
  figaro
  json
  minitest (~> 5.3.4)
  rspec

BUNDLED WITH
   1.15.4
